GIT
  remote: git://github.com/zflat/label_gen.git
  revision: e2927b46d781d7fc9b6bf40618e4a8be77eb480a
  specs:
    label_gen (0.0.1)
      data_mapper (~> 1.2.0)
      i18n
      prawn (~> 0.12)
      rqrcode (~> 0.4.2)
      thor (~> 0.17)

GEM
  remote: https://rubygems.org/
  specs:
    Ascii85 (1.0.2)
    addressable (2.2.8)
    afm (0.2.0)
    bcrypt-ruby (3.1.2)
    data_mapper (1.2.0)
      dm-aggregates (~> 1.2.0)
      dm-constraints (~> 1.2.0)
      dm-core (~> 1.2.0)
      dm-migrations (~> 1.2.0)
      dm-serializer (~> 1.2.0)
      dm-timestamps (~> 1.2.0)
      dm-transactions (~> 1.2.0)
      dm-types (~> 1.2.0)
      dm-validations (~> 1.2.0)
    data_objects (0.10.12)
      addressable (~> 2.1)
    dm-aggregates (1.2.0)
      dm-core (~> 1.2.0)
    dm-constraints (1.2.0)
      dm-core (~> 1.2.0)
    dm-core (1.2.0)
      addressable (~> 2.2.6)
    dm-do-adapter (1.2.0)
      data_objects (~> 0.10.6)
      dm-core (~> 1.2.0)
    dm-migrations (1.2.0)
      dm-core (~> 1.2.0)
    dm-mysql-adapter (1.2.0)
      dm-do-adapter (~> 1.2.0)
      do_mysql (~> 0.10.6)
    dm-serializer (1.2.2)
      dm-core (~> 1.2.0)
      fastercsv (~> 1.5)
      json (~> 1.6)
      json_pure (~> 1.6)
      multi_json (~> 1.0)
    dm-sqlite-adapter (1.2.0)
      dm-do-adapter (~> 1.2.0)
      do_sqlite3 (~> 0.10.6)
    dm-timestamps (1.2.0)
      dm-core (~> 1.2.0)
    dm-transactions (1.2.0)
      dm-core (~> 1.2.0)
    dm-types (1.2.2)
      bcrypt-ruby (~> 3.0)
      dm-core (~> 1.2.0)
      fastercsv (~> 1.5)
      json (~> 1.6)
      multi_json (~> 1.0)
      stringex (~> 1.4)
      uuidtools (~> 2.1)
    dm-validations (1.2.0)
      dm-core (~> 1.2.0)
    do_mysql (0.10.12)
      data_objects (= 0.10.12)
    do_sqlite3 (0.10.12)
      data_objects (= 0.10.12)
    fastercsv (1.5.5)
    hashery (2.1.1)
    i18n (0.6.5)
    json (1.8.1)
    json_pure (1.8.1)
    multi_json (1.8.2)
    pdf-reader (1.3.3)
      Ascii85 (~> 1.0.0)
      afm (~> 0.2.0)
      hashery (~> 2.0)
      ruby-rc4
      ttfunk
    prawn (0.12.0)
      pdf-reader (>= 0.9.0)
      ttfunk (~> 1.0.2)
    rqrcode (0.4.2)
    ruby-rc4 (0.1.5)
    stringex (1.5.1)
    thor (0.18.1)
    ttfunk (1.0.3)
    uuidtools (2.1.4)

PLATFORMS
  ruby

DEPENDENCIES
  dm-mysql-adapter (~> 1.2.0)
  dm-sqlite-adapter (~> 1.2.0)
  label_gen!
