GIT
  remote: git://github.com/zflat/label_gen.git
  revision: 0ed4cb7bd233d3f1f38434c144c114fb775e09c6
  specs:
    label_gen (0.0.1)
      data_mapper (~> 1.2.0)
      i18n
      prawn (~> 0.12)
      rqrcode (~> 0.4.2)
      thor (~> 0.17)

GEM
  remote: https://rubygems.org/
  specs:
    Ascii85 (1.0.2)
    addressable (2.2.8)
    afm (0.2.0)
    bcrypt-ruby (3.0.1)
    data_mapper (1.2.0)
      dm-aggregates (~> 1.2.0)
      dm-constraints (~> 1.2.0)
      dm-core (~> 1.2.0)
      dm-migrations (~> 1.2.0)
      dm-serializer (~> 1.2.0)
      dm-timestamps (~> 1.2.0)
      dm-transactions (~> 1.2.0)
      dm-types (~> 1.2.0)
      dm-validations (~> 1.2.0)
    dm-aggregates (1.2.0)
      dm-core (~> 1.2.0)
    dm-constraints (1.2.0)
      dm-core (~> 1.2.0)
    dm-core (1.2.0)
      addressable (~> 2.2.6)
    dm-migrations (1.2.0)
      dm-core (~> 1.2.0)
    dm-serializer (1.2.2)
      dm-core (~> 1.2.0)
      fastercsv (~> 1.5)
      json (~> 1.6)
      json_pure (~> 1.6)
      multi_json (~> 1.0)
    dm-timestamps (1.2.0)
      dm-core (~> 1.2.0)
    dm-transactions (1.2.0)
      dm-core (~> 1.2.0)
    dm-types (1.2.2)
      bcrypt-ruby (~> 3.0)
      dm-core (~> 1.2.0)
      fastercsv (~> 1.5)
      json (~> 1.6)
      multi_json (~> 1.0)
      stringex (~> 1.4)
      uuidtools (~> 2.1)
    dm-validations (1.2.0)
      dm-core (~> 1.2.0)
    fastercsv (1.5.5)
    hashery (2.1.0)
    i18n (0.6.4)
    json (1.7.7)
    json_pure (1.7.7)
    multi_json (1.7.1)
    pdf-reader (1.3.2)
      Ascii85 (~> 1.0.0)
      afm (~> 0.2.0)
      hashery (~> 2.0)
      ruby-rc4
      ttfunk
    prawn (0.12.0)
      pdf-reader (>= 0.9.0)
      ttfunk (~> 1.0.2)
    rqrcode (0.4.2)
    ruby-rc4 (0.1.5)
    stringex (1.5.1)
    thor (0.17.0)
    ttfunk (1.0.3)
    uuidtools (2.1.3)

PLATFORMS
  ruby

DEPENDENCIES
  label_gen!
